PATH
  remote: .
  specs:
    njones-marketo (1.2.5)
      savon (~> 0.8.3)

GEM
  remote: https://rubygems.org/
  specs:
    builder (3.1.4)
    crack (0.1.8)
    diff-lcs (1.1.3)
    gyoku (1.0.0)
      builder (>= 2.1.2)
    httpi (2.0.2)
      rack
    rack (1.5.1)
    rspec (2.12.0)
      rspec-core (~> 2.12.0)
      rspec-expectations (~> 2.12.0)
      rspec-mocks (~> 2.12.0)
    rspec-core (2.12.2)
    rspec-expectations (2.12.1)
      diff-lcs (~> 1.1.3)
    rspec-mocks (2.12.2)
    savon (0.8.6)
      builder (>= 2.1.2)
      crack (~> 0.1.8)
      gyoku (>= 0.3.0)
      httpi (>= 0.7.8)

PLATFORMS
  ruby

DEPENDENCIES
  njones-marketo!
  rspec (>= 2.3.0)
